GEM
  remote: http://rubygems.org/
  specs:
    bson (1.6.2)
    bson_ext (1.6.2)
      bson (~> 1.6.2)
    builder (3.0.0)
    cfoundry (0.2.2)
      json_pure (~> 1.6.5)
      rest-client (~> 1.6.1)
      rubyzip (~> 0.9.5)
    ci_reporter (1.6.4)
      builder (>= 2.1.2)
    curb (0.8.0)
    diff-lcs (1.1.3)
    fuubar (1.0.0)
      rspec (~> 2.0)
      rspec-instafail (~> 0.2.0)
      ruby-progressbar (~> 0.0.10)
    interact (0.4.2)
    json_pure (1.6.7)
    mime-types (1.18)
    mongo (1.6.2)
      bson (~> 1.6.2)
    nokogiri (1.5.2)
    parallel (0.5.16)
    parallel_tests (0.8.1)
      parallel
    progressbar (0.11.0)
    rake (0.9.2.2)
    rest-client (1.6.7)
      mime-types (>= 1.16)
    rspec (2.10.0)
      rspec-core (~> 2.10.0)
      rspec-expectations (~> 2.10.0)
      rspec-mocks (~> 2.10.0)
    rspec-core (2.10.1)
    rspec-expectations (2.10.0)
      diff-lcs (~> 1.1.3)
    rspec-instafail (0.2.4)
    rspec-mocks (2.10.1)
    ruby-progressbar (0.0.10)
    rubyzip (0.9.8)
    vcap_logging (1.0.0)
      rake
    yajl-ruby (1.1.0)

PLATFORMS
  ruby

DEPENDENCIES
  bson_ext
  cfoundry (~> 0.2.0)
  ci_reporter
  curb
  fuubar
  interact
  mongo
  nokogiri
  parallel_tests
  progressbar (~> 0.11.0)
  rake
  rspec
  vcap_logging (>= 1.0)
  yajl-ruby
