GEM
  remote: http://rubygems.org/
  specs:
    bson (1.5.2)
    bson_ext (1.5.2)
      bson (= 1.5.2)
    cfoundry (0.1.0)
      json_pure
      rest-client
      rubyzip
    curb (0.8.0)
    diff-lcs (1.1.3)
    interact (0.4.2)
    json_pure (1.6.6)
    mime-types (1.18)
    mongo (1.5.2)
      bson (= 1.5.2)
    rake (0.9.2.2)
    rest-client (1.6.7)
      mime-types (>= 1.16)
    rspec (2.9.0)
      rspec-core (~> 2.9.0)
      rspec-expectations (~> 2.9.0)
      rspec-mocks (~> 2.9.0)
    rspec-core (2.9.0)
    rspec-expectations (2.9.1)
      diff-lcs (~> 1.1.3)
    rspec-mocks (2.9.0)
    rubyzip (0.9.7)
    vcap_logging (1.0.0)
      rake
    yajl-ruby (1.1.0)

PLATFORMS
  ruby

DEPENDENCIES
  bson_ext
  cfoundry
  curb
  interact
  mongo
  rake
  rspec
  vcap_logging (>= 1.0)
  yajl-ruby
